GEM
  remote: http://rubygems.org/
  specs:
    trollop (2.0)
    yamler (0.1.0)

PLATFORMS
  ruby

DEPENDENCIES
  trollop
  yamler
